GEM
  remote: https://rubygems.org/
  specs:
    influxdb-client (3.1.0)

PLATFORMS
  ruby

DEPENDENCIES
  influxdb-client

RUBY VERSION
   ruby 3.3.4p94

BUNDLED WITH
   2.5.11
