GEM
  remote: https://rubygems.org/
  specs:
    pycall (1.5.2)

PLATFORMS
  ruby

DEPENDENCIES
  pycall

RUBY VERSION
   ruby 3.3.6p108

BUNDLED WITH
   2.5.20
