GEM
  remote: https://rubygems.org/
  specs:
    bigdecimal (3.1.7)
    csv (3.3.0)
    extpp (0.1.1)
    fiddle (1.1.2)
    gio2 (4.2.2)
      fiddle
      gobject-introspection (= 4.2.2)
    glib2 (4.2.2)
      native-package-installer (>= 1.0.3)
      pkg-config (>= 1.3.5)
    gobject-introspection (4.2.2)
      glib2 (= 4.2.2)
    native-package-installer (1.1.9)
    pkg-config (1.5.6)
    rake (13.2.1)
    red-arrow (16.0.0)
      bigdecimal (>= 3.1.0)
      csv
      extpp (>= 0.1.1)
      gio2 (>= 3.5.0)
      native-package-installer
      pkg-config
    red-arrow-flight (16.0.0)
      red-arrow (= 16.0.0)
    red-arrow-flight-sql (16.0.0)
      red-arrow-flight (= 16.0.0)

PLATFORMS
  aarch64-linux
  arm64-darwin
  ruby
  x86_64-darwin
  x86_64-linux

DEPENDENCIES
  rake
  red-arrow-flight-sql

BUNDLED WITH
   2.4.18
